GEM
  remote: http://rubygems.org/
  specs:
    log4r (1.1.10)
    rack (1.4.1)
    rack-protection (1.2.0)
      rack
    sequel (3.32.0)
    sinatra (1.3.2)
      rack (~> 1.3, >= 1.3.6)
      rack-protection (~> 1.2)
      tilt (~> 1.3, >= 1.3.3)
    sqlite3 (1.3.5)
    test-unit (2.4.7)
    tilt (1.3.3)

PLATFORMS
  ruby

DEPENDENCIES
  log4r
  sequel
  sinatra
  sqlite3
  test-unit
